{
  "AcquisitionMatrixPE": 64,
  "AcquisitionNumber": 1,
  "AcquisitionTime": "08:54:18.000000",
  "CoilString": "8HRBRAIN",
  "ConversionSoftware": "dcm2niix",
  "ConversionSoftwareVersion": "v1.0.20220720",
  "DeviceSerialNumber": "0000082427040127",
  "EchoTime": 0.03,
  "EffectiveEchoSpacing": 0.000194857,
  "FlipAngle": 90,
  "HeudiconvVersion": "1.1.1",
  "ImageOrientationPatientDICOM": [1, 0, 0, 0, 1, 0],
  "ImageType": [
    "ORIGINAL",
    "PRIMARY",
    "OTHER"
],
  "ImagingFrequency": 127.757,
  "InPlanePhaseEncodingDirectionDICOM": "COL",
  "InstitutionName": "The 7th Medical Center PLAGH",
  "InternalPulseSequenceName": "EPI",
  "MRAcquisitionType": "2D",
  "MagneticFieldStrength": 3,
  "Manufacturer": "GE",
  "ManufacturersModelName": "DISCOVERY MR750",
  "Modality": "MR",
  "ParallelReductionFactorInPlane": 2,
  "PatientPosition": "HFS",
  "PercentPhaseFOV": 100,
  "PercentSampling": 100,
  "PhaseEncodingDirection": "j",
  "PhaseEncodingPolarityGE": "Flipped",
  "PixelBandwidth": 7812.5,
  "PrescanReuseString": "TG/s1",
  "ProtocolName": "NENU_LY_2024_10_4",
  "PulseSequenceName": "epi",
  "ReconMatrixPE": 64,
  "RepetitionTime": 2,
  "SAR": 0.334293,
  "ScanOptions": "MP_GEMS\\EPI_GEMS\\ACC_GEMS",
  "ScanningSequence": "EP\\GR",
  "SequenceVariant": "SS",
  "SeriesDescription": "Ax BOLD 1",
  "SeriesNumber": 6,
  "ShimSetting": [-1, 6, -21],
  "SliceThickness": 4,
  "SliceTiming": [0, 1, 0.0625, 1.0625, 0.125, 1.125, 0.1875, 1.1875, 0.25, 1.25, 0.3125, 1.3125, 0.375, 1.375, 0.4375, 1.4375, 0.5, 1.5, 0.5625, 1.5625, 0.625, 1.625, 0.6875, 1.6875, 0.75, 1.75, 0.8125, 1.8125, 0.875, 1.875, 0.9375, 1.9375],
  "SoftwareVersions": "24\\LX\\MR Software release:DV24.0_R01_1344.a",
  "SpacingBetweenSlices": 5,
  "StationName": "DV750",
  "TaskName": "persuade",
  "TotalReadoutTime": 0.012276,
  "TriggerDelayTime": 615938}