{
  "AcquisitionMatrixPE": 256,
  "AcquisitionNumber": 1,
  "AcquisitionTime": "14:48:4.000000",
  "CoilString": "8HRBRAIN",
  "ConversionSoftware": "dcm2niix",
  "ConversionSoftwareVersion": "v1.0.20220720",
  "DeviceSerialNumber": "0000082427040127",
  "EchoTime": 0.00322,
  "FlipAngle": 12,
  "HeudiconvVersion": "1.1.1",
  "ImageOrientationPatientDICOM": [-0.0602379, 0.998184, 0, 0.000456778, 2.75294e-05, -1],
  "ImageType": [
    "ORIGINAL",
    "PRIMARY",
    "OTHER"
],
  "ImagingFrequency": 127.757,
  "InPlanePhaseEncodingDirectionDICOM": "ROW",
  "InstitutionName": "The 7th Medical Center PLAGH",
  "InversionTime": 0.45,
  "MRAcquisitionType": "3D",
  "MagneticFieldStrength": 3,
  "Manufacturer": "GE",
  "ManufacturersModelName": "DISCOVERY MR750",
  "Modality": "MR",
  "ParallelReductionFactorInPlane": 2,
  "PatientPosition": "HFS",
  "PercentPhaseFOV": 100,
  "PercentSampling": 100,
  "PixelBandwidth": 122.07,
  "PrescanReuseString": "TG/s1,CF/s1,AS/s1",
  "ProtocolName": "NENU_LY_2024_10_5",
  "PulseSequenceName": "BRAVO",
  "ReconMatrixPE": 512,
  "RepetitionTime": 0.008212,
  "SAR": 0.205181,
  "ScanOptions": "FAST_GEMS\\EDR_GEMS\\ACC_GEMS",
  "ScanningSequence": "GR",
  "SequenceVariant": "SS\\SK",
  "SeriesDescription": "Sag 3D T1BRAVO",
  "SeriesNumber": 3,
  "ShimSetting": [2, 3, -18],
  "SliceThickness": 1,
  "SoftwareVersions": "24\\LX\\MR Software release:DV24.0_R01_1344.a",
  "SpacingBetweenSlices": 1,
  "StationName": "DV750"
}